GEM
  remote: https://rubygems.org/
  specs:
    blankslate (2.1.2.4)
    gli (2.7.0)
    haml (4.0.3)
      tilt
    parslet (1.5.0)
      blankslate (~> 2.0)
    rake (10.1.0)
    redcarpet (2.3.0)
    reveal-ck (0.1.3)
      gli (~> 2.7.0)
      haml (~> 4.0.3)
      rake (~> 10.1.0)
      redcarpet (~> 2.3.0)
      toml (~> 0.0.3)
    tilt (1.4.1)
    toml (0.0.4)
      parslet

PLATFORMS
  ruby

DEPENDENCIES
  reveal-ck (~> 0.1.3)
